[System]
Scanner=SkyScan2214
Instrument S/N=20C18017
Software Version=1.7
Home Directory=C:\SkyScan2214\SkyScan2214 User Software
Source Type=Hamamatsu L10711
Camera Type=FlatPanel: 2...50um, 140mm max.FOV
Camera Pixel Size (um)=74.800
Camera X/Y Ratio=1.0040
[User]
User Name=Skyscan4
Computer Name=ANAMIC05
[Acquisition]
Data Directory=D:\Results\EAWAG\1616161616\head_30um\proj
Filename Prefix=20um_FP_spiral_test
Number Of Files= 1104
Number Of Rows= 1944
Number Of Columns= 3072
Filename Index Length=8
Partial Width=OFF
Image crop origin X=0
Image crop origin Y=0
Camera binning=1x1
Image Rotation=0.17000
Optical Axis (line)= 1003
Object to Source (mm)=125.697
Camera to Source (mm)=313.404
Source Voltage (kV)=  80
Source Current (uA)= 200
Source Target Power (W)=3.92
Image Pixel Size (um)=30.000008
Scaled Image Pixel Size (um)=30.000008
Image Format=TIFF
Depth (bits)=16
Reference Intensity=58000
Exposure (ms)=445
Rotation Step (deg)=0.200
Use 360 Rotation=NO
High Aspect Ratio=NO
Scanning position=59.306 mm
Frame Averaging=OFF (3)
Flat Field Correction=ON
FF updating interval=158
Random Movement=OFF (40)
Filter=Al 1mm
Gantry direction=CW
Rotation Direction=CW
Intrinsic CS rotation in degree=0.0
Type of Detector Motion=STEP AND SHOOT
Scanning Trajectory=ROUND
Source Filament Type=W
Source spot size=Mid
Suggested HU - Calibration=180000
Number Of Horizontal Offset Positions=1
Study Date and Time=12 Feb 2021  15h:44m:15s
Estimated Scan duration=0h:50m:56s
Scan duration=0h:45m:58s
Maximum vertical TS=5.0
[Reconstruction]
Reconstruction Program=NRecon
Program Version=Version: 2.1.0.1
Program Home Directory=C:\SkyScan2214\SkyScan2214 User Software
Reconstruction engine=GPUReconServer
Engine version=Version: 2.1.0
Reconstruction from batch=Yes
Postalignment Applied=1
Postalignment=49.00
Reconstructed using oversize-option=No
Reconstruction servers= ANAMIC05 
Dataset Origin=SkyScan2214
Dataset Prefix=161543
Dataset Directory=D:\Results\EAWAG\161543\head_30um\proj
Output Directory=D:\Results\EAWAG\161543\head_30um\rec
Time and Date=29 Apr 2022  11h:09m:52s
First Section=172
Last Section=1942
Reconstruction duration per slice (seconds)=0.064935
Total reconstruction time (1771 slices) in seconds=115.000000
Heel Effect Correction On=0
Section to Section Step=1
Sections Count=1771
Result File Type=PNG
Result File Header Length (bytes)=Unknown: compressed JPG format (100%)
Result Image Width (pixels)=2040
Result Image Height (pixels)=892
Pixel Size (um)=30.00001
Reconstruction Angular Range (deg)=220.80
Use 180+=OFF
Angular Step (deg)=0.2000
Smoothing=0
Ring Artifact Correction=0
Draw Scales=OFF
Object Bigger than FOV=OFF
Reconstruction from ROI=ON
ROI Top (pixels)=1869
ROI Bottom (pixels)=975
ROI Left (pixels)=691
ROI Right (pixels)=2732
ROI reference length=3072
Filter cutoff relative to Nyquist frequency=100
Filter type=0
Filter type description=Hamming (Alpha=0.54)
Undersampling factor=1
Threshold for defect pixel mask (%)=0
Beam Hardening Correction (%)=0
CS Static Rotation (deg)=72.72
CS Static Rotation Total(deg)=72.72
Minimum for CS to Image Conversion=0.000000
Maximum for CS to Image Conversion=0.031229
HU Calibration=OFF
BMP LUT=0
Cone-beam Angle Horiz.(deg)=40.265461
Cone-beam Angle Vert.(deg)=26.121635
[File name convention]
Filename Index Length=8
Filename Prefix=161543_rec
