[System]
Scanner=SkyScan2214
Instrument S/N=20C18017
Software Version=1.8
Home Directory=C:\SkyScan2214\SkyScan2214 User Software
Source Type=Hamamatsu L10711
Camera Type=FlatPanel: 2...50um, 140mm max.FOV
Camera Pixel Size (um)=74.800
Camera X/Y Ratio=1.0030
[User]
User Name=Skyscan4
Computer Name=ANAMIC05
[Acquisition]
Data Directory=D:\Results\VETSUISSE\HorseLimb\Limb02\proj_01_00mm_41.0um_AlCu
Filename Prefix=Limb02
Number Of Files= 3601
Number Of Rows= 1944
Number Of Columns= 3072
Filename Index Length=8
Partial Width=OFF
Image crop origin X=0
Image crop origin Y=0
Camera binning=1x1
Image Rotation=0.18000
Optical Axis (line)= 1003
Object to Source (mm)=171.872
Camera to Source (mm)=313.563
Source Voltage (kV)= 150
Source Current (uA)= 100
Source Target Power (W)=14.70
Image Pixel Size (um)=40.999924
Scaled Image Pixel Size (um)=40.999924
Image Format=TIFF
Depth (bits)=16
Reference Intensity=58000
Exposure (ms)=2400
Rotation Step (deg)=0.100
Use 360 Rotation=YES
High Aspect Ratio=NO
Scanning position=0.000 mm
Frame Averaging=OFF (5)
Flat Field Correction=ON
FF updating interval=515
Random Movement=OFF (40)
Filter=Al 1mm + Cu 1mm
Gantry direction=CW
Rotation Direction=CW
Intrinsic CS rotation in degree=0.0
Type of Detector Motion=STEP AND SHOOT
Scanning Trajectory=ROUND
Source Filament Type=W
Source spot size=Large
Suggested HU - Calibration=180000
Number Of Horizontal Offset Positions=1
Study Date and Time=17 Dec 2021  23h:57m:16s
Estimated Scan duration=4h:33m:4s
Scan duration=6h:34m:5s
Maximum vertical TS=5.0
Maximum horizontal TS=2.0
TS modified at=December18,08:01:30 ---  3601 of 3601 projections
TS modified according to=D:\Results\VETSUISSE\HorseLimb\Limb02\proj_01_00mm_41.0um_AlCu\Limb02_2DTransform.csv
TS modified at level=3
[Reconstruction]
Reconstruction Program=NRecon
Program Version=Version: 2.1.0.1
Program Home Directory=C:\SkyScan2214\SkyScan2214 User Software
Reconstruction engine=GPUReconServer
Engine version=Version: 2.1.0
Reconstruction from batch=Yes
Postalignment Applied=1
Postalignment=0.00
Reconstructed using oversize-option=No
Reconstruction servers= ANAMIC05 
Option for additional DICOM format=ON
Dataset Origin=SkyScan2214
Dataset Prefix=Limb02
Dataset Directory=D:\Results\VETSUISSE\HorseLimb\Limb02\proj_01_00mm_41.0um_AlCu
Output Directory=D:\Results\VETSUISSE\HorseLimb\Limb02\rec_01_00mm_41.0um_AlCu
Time and Date=20 Dec 2021  10h:43m:32s
First Section=2
Last Section=1942
Reconstruction duration per slice (seconds)=0.472952
Total reconstruction time (1941 slices) in seconds=918.000000
Heel Effect Correction On=0
Section to Section Step=1
Sections Count=1941
Result File Type=PNG
Result File Header Length (bytes)=Unknown: compressed JPG format (100%)
Result Image Width (pixels)=3072
Result Image Height (pixels)=3072
Pixel Size (um)=40.99992
Reconstruction Angular Range (deg)=360.00
Use 180+=OFF
Angular Step (deg)=0.1000
Smoothing=0
Ring Artifact Correction=0
Draw Scales=OFF
Object Bigger than FOV=OFF
Reconstruction from ROI=OFF
Filter cutoff relative to Nyquist frequency=100
Filter type=0
Filter type description=Hamming (Alpha=0.54)
Undersampling factor=1
Threshold for defect pixel mask (%)=0
Beam Hardening Correction (%)=0
CS Static Rotation (deg)=0.00
CS Static Rotation Total(deg)=0.00
Minimum for CS to Image Conversion=0.000000
Maximum for CS to Image Conversion=0.015000
HU Calibration=OFF
BMP LUT=0
Cone-beam Angle Horiz.(deg)=40.246838
Cone-beam Angle Vert.(deg)=26.108946
[File name convention]
Filename Index Length=8
Filename Prefix=Limb02_rec
