[System]
Scanner=SkyScan2214
Instrument S/N=20C18017
Software Version=1.8
Home Directory=C:\SkyScan2214\SkyScan2214 User Software
Source Type=Hamamatsu L10711
Camera Type=CCD2: 0.2...6um, 22/42mm max.FOV
Camera Pixel Size (um)=8.916
Camera X/Y Ratio=1.0000
[User]
User Name=Skyscan4
Computer Name=ANAMIC05
[Acquisition]
Data Directory=D:\Results\Chondrules Space Yogita\NWA1241_HR2\proj
Filename Prefix=C41R
Number Of Files= 3601
Number Of Rows= 2688
Number Of Columns= 4032
Filename Index Length=8
Partial Width=OFF
Image crop origin X=0
Image crop origin Y=0
Camera binning=1x1
Image Rotation=0.26000
Optical Axis (line)= 1333
Object to Source (mm)=17.669
Camera to Source (mm)=393.852
Source Voltage (kV)=  80
Source Current (uA)= 117
Source Target Power (W)=4.46
Image Pixel Size (um)=0.399990
Scaled Image Pixel Size (um)=0.399990
Image Format=TIFF
Depth (bits)=16
Reference Intensity=58000
Camera position=far
Exposure (ms)=1800
Rotation Step (deg)=0.100
Use 360 Rotation=YES
High Aspect Ratio=NO
Scanning position=14.203 mm
Frame Averaging=ON (3)
Flat Field Correction=ON
FF updating interval=515
Random Movement=OFF (40)
Filter=Al 0.25mm
Gantry direction=CW
Rotation Direction=CW
Intrinsic CS rotation in degree=0.0
Type of Detector Motion=STEP AND SHOOT
Scanning Trajectory=ROUND
Source Filament Type=W
Source spot size=Mid
Camera zoom position=Far
Suggested HU - Calibration=180000
Number Of Horizontal Offset Positions=1
Study Date and Time=20 Mar 2021  03h:09m:49s
Estimated Scan duration=10h:12m:9s
Scan duration=8h:59m:39s
Maximum vertical TS=1.0
Maximum horizontal TS=2.0
TS modified at=March22,10:23:25 ---  3601 of 3601 projections
TS modified according to=D:\Results\Chondrules Space Yogita\NWA1241_HR2\proj\C41R_2DTransform.csv
TS modified at level=3
[Reconstruction]
Reconstruction Program=NRecon
Program Version=Version: 2.0.0.5
Program Home Directory=C:\SkyScan2214\SkyScan2214 User Software
Reconstruction engine=GPUReconServer
Engine version=Version: 2.0.0
Reconstruction from batch=Yes
Postalignment Applied=1
Postalignment=97.00
Reconstruction servers= ANAMIC05 
Dataset Origin=SkyScan2214
Dataset Prefix=C41R
Dataset Directory=D:\Results\Chondrules Space Yogita\NWA1241_HR2\proj
Output Directory=D:\Results\Chondrules Space Yogita\NWA1241_HR2\rec
Time and Date=22 Mar 2021  17h:27m:32s
First Section=60
Last Section=2625
Reconstruction duration per slice (seconds)=0.180047
Total reconstruction time (2566 slices) in seconds=462.000000
Section to Section Step=1
Sections Count=2566
Result File Type=PNG
Result File Header Length (bytes)=Unknown: compressed JPG format (100%)
Result Image Width (pixels)=4032
Result Image Height (pixels)=4032
Pixel Size (um)=0.39999
Reconstruction Angular Range (deg)=360.00
Use 180+=OFF
Angular Step (deg)=0.1000
Smoothing=0
Ring Artifact Correction=7
Draw Scales=OFF
Object Bigger than FOV=OFF
Reconstruction from ROI=OFF
Filter cutoff relative to Nyquist frequency=100
Filter type=0
Filter type description=Hamming (Alpha=0.54)
Undersampling factor=1
Threshold for defect pixel mask (%)=0
Beam Hardening Correction (%)=0
CS Static Rotation (deg)=0.00
CS Static Rotation Total(deg)=0.00
Minimum for CS to Image Conversion=0.000000
Maximum for CS to Image Conversion=1.429211
HU Calibration=OFF
BMP LUT=0
Cone-beam Angle Horiz.(deg)=5.226116
Cone-beam Angle Vert.(deg)=3.485420
Pseudo-parallel projection calculated=1
